GIT
  remote: https://github.com/bridgetownrb/bridgetown.git
  revision: c652de74a7cca2910703c0ab092a92a274b6b969
  specs:
    bridgetown (2.0.0.beta4)
      bridgetown-builder (= 2.0.0.beta4)
      bridgetown-core (= 2.0.0.beta4)
      bridgetown-foundation (= 2.0.0.beta4)
      bridgetown-paginate (= 2.0.0.beta4)
    bridgetown-builder (2.0.0.beta4)
      bridgetown-core (= 2.0.0.beta4)
    bridgetown-core (2.0.0.beta4)
      activesupport (>= 6.0, < 8.0)
      addressable (~> 2.4)
      amazing_print (~> 1.2)
      bridgetown-foundation (= 2.0.0.beta4)
      csv (~> 3.2)
      dry-inflector (>= 1.0)
      erubi (~> 1.9)
      faraday (~> 2.0)
      faraday-follow_redirects (~> 0.3)
      i18n (~> 1.0)
      irb (>= 1.14)
      kramdown (~> 2.1)
      kramdown-parser-gfm (~> 1.0)
      liquid (>= 5.0, < 5.5)
      listen (~> 3.0)
      rack (>= 3.0)
      rackup (~> 2.0)
      rake (>= 13.0)
      roda (~> 3.46)
      rouge (>= 3.0, < 5.0)
      serbea (~> 2.1)
      signalize (~> 1.3)
      streamlined (>= 0.6.0)
      thor (~> 1.1)
      tilt (~> 2.0)
      zeitwerk (~> 2.5)
    bridgetown-foundation (2.0.0.beta4)
      hash_with_dot_access (~> 2.0)
      inclusive (~> 1.0)
      zeitwerk (~> 2.5)
    bridgetown-paginate (2.0.0.beta4)
      bridgetown-core (= 2.0.0.beta4)
    bridgetown-routes (2.0.0.beta4)
      bridgetown-core (= 2.0.0.beta4)
      roda-route_list (>= 2.1)

GIT
  remote: https://github.com/whitefusionhq/toottown.git
  revision: c97db3e79eaa729a56299945de1b96effa24a615
  specs:
    toottown (0.1.0)
      bridgetown (>= 2.0.0.beta2, < 3.0)
      phlex (~> 1.3)
      redis (~> 5.0)

GEM
  remote: https://rubygems.org/
  specs:
    activesupport (7.2.2.1)
      base64
      benchmark (>= 0.3)
      bigdecimal
      concurrent-ruby (~> 1.0, >= 1.3.1)
      connection_pool (>= 2.2.5)
      drb
      i18n (>= 1.6, < 2)
      logger (>= 1.4.2)
      minitest (>= 5.1)
      securerandom (>= 0.3)
      tzinfo (~> 2.0, >= 2.0.5)
    addressable (2.8.7)
      public_suffix (>= 2.0.2, < 7.0)
    amazing_print (1.7.2)
    ast (2.4.2)
    aws_cf_signer (0.1.3)
    backport (1.2.0)
    base64 (0.2.0)
    benchmark (0.4.0)
    bigdecimal (3.1.9)
    cloudinary (1.29.0)
      aws_cf_signer
      rest-client (>= 2.0.0)
    concurrent-ruby (1.3.5)
    connection_pool (2.5.0)
    csv (3.3.2)
    date (3.4.1)
    diff-lcs (1.5.1)
    domain_name (0.6.20240107)
    dotenv (2.8.1)
    drb (2.2.1)
    dry-inflector (1.2.0)
    e2mmap (0.1.0)
    erubi (1.13.1)
    faraday (2.12.2)
      faraday-net_http (>= 2.0, < 3.5)
      json
      logger
    faraday-encoding (0.0.6)
      faraday
    faraday-follow_redirects (0.3.0)
      faraday (>= 1, < 3)
    faraday-net_http (3.4.0)
      net-http (>= 0.5.0)
    ffi (1.17.1)
    hash_with_dot_access (2.1.1)
    http-accept (1.7.0)
    http-cookie (1.0.8)
      domain_name (~> 0.5)
    i18n (1.14.7)
      concurrent-ruby (~> 1.0)
    inclusive (1.0.0)
    io-console (0.8.0)
    irb (1.15.1)
      pp (>= 0.6.0)
      rdoc (>= 4.0.0)
      reline (>= 0.4.2)
    jaro_winkler (1.6.0)
    json (2.9.1)
    kramdown (2.5.1)
      rexml (>= 3.3.9)
    kramdown-parser-gfm (1.1.0)
      kramdown (~> 2.0)
    language_server-protocol (3.17.0.4)
    liquid (5.4.0)
    listen (3.9.0)
      rb-fsevent (~> 0.10, >= 0.10.3)
      rb-inotify (~> 0.9, >= 0.9.10)
    logger (1.6.5)
    mime-types (3.6.0)
      logger
      mime-types-data (~> 3.2015)
    mime-types-data (3.2025.0107)
    mini_portile2 (2.8.8)
    minitest (5.25.4)
    net-http (0.6.0)
      uri
    netrc (0.11.0)
    nio4r (2.7.4)
    nokogiri (1.18.2)
      mini_portile2 (~> 2.8.2)
      racc (~> 1.4)
    parallel (1.26.3)
    parser (3.3.7.0)
      ast (~> 2.4.1)
      racc
    phlex (1.11.0)
    pp (0.6.2)
      prettyprint
    prettyprint (0.2.0)
    psych (5.2.3)
      date
      stringio
    public_suffix (6.0.1)
    puma (6.6.0)
      nio4r (~> 2.0)
    racc (1.8.1)
    rack (3.1.9)
    rackup (2.2.1)
      rack (>= 3)
    rainbow (3.1.1)
    rake (13.2.1)
    rb-fsevent (0.11.2)
    rb-inotify (0.11.1)
      ffi (~> 1.0)
    rdoc (6.11.0)
      psych (>= 4.0.0)
    redis (5.3.0)
      redis-client (>= 0.22.0)
    redis-client (0.23.2)
      connection_pool
    regexp_parser (2.1.1)
    reline (0.6.0)
      io-console (~> 0.5)
    rest-client (2.1.0)
      http-accept (>= 1.7.0, < 2.0)
      http-cookie (>= 1.0.2, < 2.0)
      mime-types (>= 1.16, < 4.0)
      netrc (~> 0.8)
    reverse_markdown (2.1.1)
      nokogiri
    rexml (3.4.0)
    roda (3.88.0)
      rack
    roda-route_list (2.1.0)
      roda
    rouge (4.5.1)
    rss (0.2.9)
      rexml
    rubocop (1.64.1)
      json (~> 2.3)
      language_server-protocol (>= 3.17.0)
      parallel (~> 1.10)
      parser (>= 3.3.0.2)
      rainbow (>= 2.2.2, < 4.0)
      regexp_parser (>= 1.8, < 3.0)
      rexml (>= 3.2.5, < 4.0)
      rubocop-ast (>= 1.31.1, < 2.0)
      ruby-progressbar (~> 1.7)
      unicode-display_width (>= 2.4.0, < 3.0)
    rubocop-ast (1.38.0)
      parser (>= 3.3.1.0)
    rubocop-bridgetown (0.6.1)
      rubocop (~> 1.23)
      rubocop-performance (~> 1.12)
    rubocop-performance (1.23.1)
      rubocop (>= 1.48.1, < 2.0)
      rubocop-ast (>= 1.31.1, < 2.0)
    ruby-progressbar (1.13.0)
    ruby2js (5.1.2)
      parser
      regexp_parser (~> 2.1.1)
    securerandom (0.4.1)
    serbea (2.2.0)
      erubi (>= 1.10)
      tilt (~> 2.0)
    signalize (1.3.0)
      concurrent-ruby (~> 1.2)
    solargraph (0.47.2)
      backport (~> 1.2)
      benchmark
      bundler (>= 1.17.2)
      diff-lcs (~> 1.4)
      e2mmap
      jaro_winkler (~> 1.5)
      kramdown (~> 2.3)
      kramdown-parser-gfm (~> 1.1)
      parser (~> 3.0)
      reverse_markdown (>= 1.0.5, < 3)
      rubocop (>= 0.52)
      thor (~> 1.0)
      tilt (~> 2.0)
      yard (~> 0.9, >= 0.9.24)
    streamlined (0.6.0)
      serbea (>= 2.1)
      zeitwerk (~> 2.5)
    stringio (3.1.2)
    thor (1.3.2)
    tilt (2.6.0)
    tzinfo (2.0.6)
      concurrent-ruby (~> 1.0)
    unicode-display_width (2.6.0)
    uri (1.0.2)
    yard (0.9.37)
    yt (0.33.4)
      activesupport
    zeitwerk (2.6.18)

PLATFORMS
  ruby

DEPENDENCIES
  bridgetown (~> 2.0.0.beta4)!
  bridgetown-routes (~> 2.0.0.beta4)!
  cloudinary (~> 1.21)
  dotenv (~> 2.8)
  faraday-encoding (~> 0.0.5)
  nokogiri (~> 1.13)
  puma (~> 6.4)
  rss (~> 0.2.9)
  rubocop-bridgetown (~> 0.5)
  ruby2js (>= 5.0)
  solargraph (~> 0.47.2)
  toottown!
  yt (~> 0.33.4)

BUNDLED WITH
   2.3.7
